GIT
  remote: http://github.com/agile/will_paginate.git
  revision: ab6fca53a8a66725899c0fab3e474b9c7e3a173e
  specs:
    will_paginate (2.3.6)
      activesupport (>= 1.4.4)

GEM
  remote: http://rubygems.org/
  specs:
    aaronh-chronic (0.3.9)
    actionmailer (2.3.9)
      actionpack (= 2.3.9)
    actionpack (2.3.9)
      activesupport (= 2.3.9)
      rack (~> 1.1.0)
    activerecord (2.3.9)
      activesupport (= 2.3.9)
    activeresource (2.3.9)
      activesupport (= 2.3.9)
    activesupport (2.3.9)
    autotest (4.3.2)
    autotest-growl (0.2.5)
    columnize (0.3.1)
    configuration (1.1.0)
    exception_notification (2.3.3.0)
    factory_girl (1.3.2)
    launchy (0.3.7)
      configuration (>= 0.0.5)
      rake (>= 0.8.1)
    less (1.2.21)
      mutter (>= 0.4.2)
      treetop (>= 1.4.2)
    linecache (0.43)
    mutter (0.5.3)
    mysql (2.8.1)
    nokogiri (1.4.3.1)
    open_gem (1.4.2)
      launchy (~> 0.3.5)
    polyglot (0.3.1)
    rack (1.1.0)
    rails (2.3.9)
      actionmailer (= 2.3.9)
      actionpack (= 2.3.9)
      activerecord (= 2.3.9)
      activeresource (= 2.3.9)
      activesupport (= 2.3.9)
      rake (>= 0.8.3)
    rake (0.8.7)
    rcov (0.9.9)
    rspec (1.3.0)
    ruby-debug (0.10.3)
      columnize (>= 0.1)
      ruby-debug-base (~> 0.10.3.0)
    ruby-debug-base (0.10.3)
      linecache (>= 0.3)
    ruby-prof (0.9.2)
    shopify_api (1.0.6)
      activeresource (>= 2.2.2)
    treetop (1.4.8)
      polyglot (>= 0.3.1)
    whenever (0.5.2)
      aaronh-chronic (>= 0.3.9)
      activesupport (>= 2.3.4)

PLATFORMS
  ruby

DEPENDENCIES
  autotest
  autotest-growl
  exception_notification (~> 2.3.3)
  factory_girl
  less (~> 1.2.21)
  mysql
  nokogiri
  open_gem
  rails (= 2.3.9)
  rcov
  rspec
  ruby-debug
  ruby-prof
  shopify_api (~> 1.0.5)
  whenever (~> 0.5.0)
  will_paginate!
